GEM
  remote: https://rubygems.org/
  specs:
    actioncable (5.2.4.2)
      actionpack (= 5.2.4.2)
      nio4r (~> 2.0)
      websocket-driver (>= 0.6.1)
    actionmailer (5.2.4.2)
      actionpack (= 5.2.4.2)
      actionview (= 5.2.4.2)
      activejob (= 5.2.4.2)
      mail (~> 2.5, >= 2.5.4)
      rails-dom-testing (~> 2.0)
    actionpack (5.2.4.2)
      actionview (= 5.2.4.2)
      activesupport (= 5.2.4.2)
      rack (~> 2.0, >= 2.0.8)
      rack-test (>= 0.6.3)
      rails-dom-testing (~> 2.0)
      rails-html-sanitizer (~> 1.0, >= 1.0.2)
    actionview (5.2.4.2)
      activesupport (= 5.2.4.2)
      builder (~> 3.1)
      erubi (~> 1.4)
      rails-dom-testing (~> 2.0)
      rails-html-sanitizer (~> 1.0, >= 1.0.3)
    active_model_serializers (0.10.9)
      actionpack (>= 4.1, < 6)
      activemodel (>= 4.1, < 6)
      case_transform (>= 0.2)
      jsonapi-renderer (>= 0.1.1.beta1, < 0.3)
    activejob (5.2.4.2)
      activesupport (= 5.2.4.2)
      globalid (>= 0.3.6)
    activemodel (5.2.4.2)
      activesupport (= 5.2.4.2)
    activerecord (5.2.4.2)
      activemodel (= 5.2.4.2)
      activesupport (= 5.2.4.2)
      arel (>= 9.0)
    activestorage (5.2.4.2)
      actionpack (= 5.2.4.2)
      activerecord (= 5.2.4.2)
      marcel (~> 0.3.1)
    activesupport (5.2.4.2)
      concurrent-ruby (~> 1.0, >= 1.0.2)
      i18n (>= 0.7, < 2)
      minitest (~> 5.1)
      tzinfo (~> 1.1)
    addressable (2.6.0)
      public_suffix (>= 2.0.2, < 4.0)
    arel (9.0.0)
    ast (2.4.2)
    better_errors (2.10.1)
      erubi (>= 1.0.0)
      rack (>= 0.9.0)
      rouge (>= 1.0.0)
    better_html (1.0.16)
      actionview (>= 4.0)
      activesupport (>= 4.0)
      ast (~> 2.0)
      erubi (~> 1.4)
      html_tokenizer (~> 0.0.6)
      parser (>= 2.4)
      smart_properties
    bindex (0.5.0)
    binding_of_caller (1.0.0)
      debug_inspector (>= 0.0.1)
    bootsnap (1.16.0)
      msgpack (~> 1.2)
    bootstrap_form (4.2.0)
      actionpack (>= 5.0)
      activemodel (>= 5.0)
    brakeman (5.4.1)
    builder (3.2.4)
    byebug (11.1.3)
    camertron-eprun (1.1.1)
    case_transform (0.2)
      activesupport
    cldr-plurals-runtime-rb (1.0.1)
    commonmarker (0.20.1)
      ruby-enum (~> 0.5)
    concurrent-ruby (1.2.2)
    connection_pool (2.2.2)
    crass (1.0.6)
    css_parser (1.7.0)
      addressable
    debug_inspector (1.1.0)
    default_value_for (3.1.0)
      activerecord (>= 3.2.0, < 6.0)
    diff-lcs (1.5.0)
    docile (1.4.0)
    domain_name (0.5.20180417)
      unf (>= 0.0.5, < 1.0.0)
    dotenv (2.8.1)
    dotenv-rails (2.8.1)
      dotenv (= 2.8.1)
      railties (>= 3.2)
    erb_lint (0.1.3)
      activesupport
      better_html (~> 1.0.7)
      html_tokenizer
      parser (>= 2.7.1.4)
      rainbow
      rubocop
      smart_properties
    erubi (1.12.0)
    factory_bot (6.2.1)
      activesupport (>= 5.0.0)
    factory_bot_rails (6.2.0)
      factory_bot (~> 6.2.0)
      railties (>= 5.0.0)
    ffi (1.15.5)
    gemoji (3.0.1)
    globalid (0.4.2)
      activesupport (>= 4.2.0)
    html_tokenizer (0.0.7)
    htmlentities (4.3.4)
    http (4.1.1)
      addressable (~> 2.3)
      http-cookie (~> 1.0)
      http-form_data (~> 2.0)
      http_parser.rb (~> 0.6.0)
    http-cookie (1.0.3)
      domain_name (~> 0.5)
    http-form_data (2.1.1)
    http_parser.rb (0.6.0)
    i18n (1.14.1)
      concurrent-ruby (~> 1.0)
    json (2.6.3)
    jsonapi-renderer (0.2.2)
    jwt (2.1.0)
    language_server-protocol (3.17.0.3)
    listen (3.8.0)
      rb-fsevent (~> 0.10, >= 0.10.3)
      rb-inotify (~> 0.9, >= 0.9.10)
    loofah (2.21.3)
      crass (~> 1.0.2)
      nokogiri (>= 1.12.0)
    mail (2.7.1)
      mini_mime (>= 0.1.1)
    marcel (0.3.3)
      mimemagic (~> 0.3.2)
    memoist (0.16.0)
    meta-tags (2.11.1)
      actionpack (>= 3.2.0, < 6.1)
    method_source (1.0.0)
    mime-types (3.2.2)
      mime-types-data (~> 3.2015)
    mime-types-data (3.2019.0331)
    mimemagic (0.3.10)
      nokogiri (~> 1)
      rake
    mini_mime (1.0.2)
    mini_portile2 (2.8.4)
    minitest (5.19.0)
    msgpack (1.7.1)
    multi_json (1.13.1)
    netrc (0.11.0)
    nio4r (2.5.2)
    nokogiri (1.15.3)
      mini_portile2 (~> 2.8.2)
      racc (~> 1.4)
    parallel (1.23.0)
    parser (3.2.2.3)
      ast (~> 2.4.1)
      racc
    pg (1.1.3)
    premailer (1.11.1)
      addressable
      css_parser (>= 1.6.0)
      htmlentities (>= 4.0.0)
    premailer-rails (1.10.3)
      actionmailer (>= 3)
      premailer (~> 1.7, >= 1.7.9)
    public_suffix (3.0.3)
    puma (3.12.6)
    racc (1.7.1)
    rack (2.2.7)
    rack-protection (2.0.5)
      rack
    rack-proxy (0.6.5)
      rack
    rack-test (2.1.0)
      rack (>= 1.3)
    rails (5.2.4.2)
      actioncable (= 5.2.4.2)
      actionmailer (= 5.2.4.2)
      actionpack (= 5.2.4.2)
      actionview (= 5.2.4.2)
      activejob (= 5.2.4.2)
      activemodel (= 5.2.4.2)
      activerecord (= 5.2.4.2)
      activestorage (= 5.2.4.2)
      activesupport (= 5.2.4.2)
      bundler (>= 1.3.0)
      railties (= 5.2.4.2)
      sprockets-rails (>= 2.0.0)
    rails-controller-testing (1.0.5)
      actionpack (>= 5.0.1.rc1)
      actionview (>= 5.0.1.rc1)
      activesupport (>= 5.0.1.rc1)
    rails-dom-testing (2.1.1)
      activesupport (>= 5.0.0)
      minitest
      nokogiri (>= 1.6)
    rails-html-sanitizer (1.6.0)
      loofah (~> 2.21)
      nokogiri (~> 1.14)
    railties (5.2.4.2)
      actionpack (= 5.2.4.2)
      activesupport (= 5.2.4.2)
      method_source
      rake (>= 0.8.7)
      thor (>= 0.19.0, < 2.0)
    rainbow (3.1.1)
    rake (13.0.6)
    rb-fsevent (0.11.2)
    rb-inotify (0.10.1)
      ffi (~> 1.0)
    redis (4.1.0)
    regexp_parser (2.8.1)
    rest-client (2.0.2)
      http-cookie (>= 1.0.2, < 2.0)
      mime-types (>= 1.16, < 4.0)
      netrc (~> 0.8)
    rexml (3.2.5)
    rollbar (2.19.3)
      multi_json
    rouge (4.1.2)
    rspec-core (3.12.2)
      rspec-support (~> 3.12.0)
    rspec-expectations (3.12.3)
      diff-lcs (>= 1.2.0, < 2.0)
      rspec-support (~> 3.12.0)
    rspec-mocks (3.12.6)
      diff-lcs (>= 1.2.0, < 2.0)
      rspec-support (~> 3.12.0)
    rspec-rails (5.1.2)
      actionpack (>= 5.2)
      activesupport (>= 5.2)
      railties (>= 5.2)
      rspec-core (~> 3.10)
      rspec-expectations (~> 3.10)
      rspec-mocks (~> 3.10)
      rspec-support (~> 3.10)
    rspec-support (3.12.1)
    rubocop (1.55.0)
      json (~> 2.3)
      language_server-protocol (>= 3.17.0)
      parallel (~> 1.10)
      parser (>= 3.2.2.3)
      rainbow (>= 2.2.2, < 4.0)
      regexp_parser (>= 1.8, < 3.0)
      rexml (>= 3.2.5, < 4.0)
      rubocop-ast (>= 1.28.1, < 2.0)
      ruby-progressbar (~> 1.7)
      unicode-display_width (>= 2.4.0, < 3.0)
    rubocop-ast (1.29.0)
      parser (>= 3.2.1.0)
    rubocop-performance (1.18.0)
      rubocop (>= 1.7.0, < 2.0)
      rubocop-ast (>= 0.4.0)
    rubocop-rails (2.20.2)
      activesupport (>= 4.2.0)
      rack (>= 1.1)
      rubocop (>= 1.33.0, < 2.0)
    ruby-enum (0.7.2)
      i18n
    ruby-progressbar (1.13.0)
    semantic_range (2.3.0)
    shallow_attributes (0.9.4)
    sidekiq (5.2.7)
      connection_pool (~> 2.2, >= 2.2.2)
      rack (>= 1.5.0)
      rack-protection (>= 1.5.0)
      redis (>= 3.3.5, < 5)
    sidekiq-history (0.0.11)
      sidekiq (>= 3.0.0)
    simplecov (0.22.0)
      docile (~> 1.1)
      simplecov-html (~> 0.11)
      simplecov_json_formatter (~> 0.1)
    simplecov-html (0.12.3)
    simplecov_json_formatter (0.1.4)
    smart_properties (1.17.0)
    spring (4.1.1)
    spring-watcher-listen (2.1.0)
      listen (>= 2.7, < 4.0)
      spring (>= 4)
    sprockets (4.0.0)
      concurrent-ruby (~> 1.0)
      rack (> 1, < 3)
    sprockets-rails (3.2.1)
      actionpack (>= 4.0)
      activesupport (>= 4.0)
      sprockets (>= 3.0.0)
    storyblok (2.0.5)
      rest-client (>= 1.8.0, < 3)
    thor (1.2.2)
    thread_safe (0.3.6)
    timecop (0.9.6)
    truncato (0.7.12)
      htmlentities (~> 4.3.1)
      nokogiri (>= 1.7.0, <= 2.0)
    turbolinks (5.2.0)
      turbolinks-source (~> 5.2)
    turbolinks-source (5.2.0)
    twitter_cldr (4.4.3)
      camertron-eprun
      cldr-plurals-runtime-rb (~> 1.0)
      tzinfo
    tzinfo (1.2.11)
      thread_safe (~> 0.1)
    unf (0.1.4)
      unf_ext
    unf_ext (0.0.7.6)
    unicode-display_width (2.4.2)
    web-console (3.7.0)
      actionview (>= 5.0)
      activemodel (>= 5.0)
      bindex (>= 0.4.0)
      railties (>= 5.0)
    webpacker (5.0.1)
      activesupport (>= 5.2)
      rack-proxy (>= 0.6.1)
      railties (>= 5.2)
      semantic_range (>= 2.3.0)
    websocket-driver (0.7.1)
      websocket-extensions (>= 0.1.0)
    websocket-extensions (0.1.5)

PLATFORMS
  ruby

DEPENDENCIES
  active_model_serializers (~> 0.10.9)
  better_errors (~> 2.10, >= 2.10.1)
  binding_of_caller (~> 1.0)
  bootsnap (>= 1.1.0)
  bootstrap_form (~> 4.2)
  brakeman (~> 5.4, >= 5.4.1)
  byebug (~> 11.1, >= 11.1.3)
  commonmarker (~> 0.20)
  default_value_for (~> 3.1)
  dotenv-rails (~> 2.8, >= 2.8.1)
  erb_lint (~> 0.1.3)
  factory_bot_rails (~> 6.2)
  gemoji
  http (~> 4.1)
  jwt (~> 2.1.0)
  listen (~> 3.8)
  memoist (~> 0.16.0)
  meta-tags (~> 2.11, >= 2.11.1)
  pg (>= 0.18, < 2.0)
  premailer-rails (~> 1.10.3)
  puma (~> 3.12)
  rails (~> 5.2.4.2)
  rails-controller-testing (~> 1.0, >= 1.0.5)
  redis (~> 4.1, >= 4.1.0)
  rollbar (~> 2.19, >= 2.19.3)
  rspec-rails (~> 5.0, >= 5.0.3)
  rubocop (~> 1.55)
  rubocop-performance (~> 1.18)
  rubocop-rails (~> 2.20, >= 2.20.2)
  shallow_attributes (~> 0.9.4)
  sidekiq (~> 5.2, >= 5.2.5)
  sidekiq-history (~> 0.0.11)
  simplecov (~> 0.22.0)
  spring (~> 4.1, >= 4.1.1)
  spring-watcher-listen (~> 2.1)
  storyblok (~> 2.0.5)
  timecop (~> 0.9.6)
  truncato (~> 0.7.12)
  turbolinks (~> 5.2)
  twitter_cldr (~> 4.4, >= 4.4.3)
  tzinfo-data
  web-console (~> 3.7)
  webpacker (~> 5.0.1)

RUBY VERSION
   ruby 2.7.8p225

BUNDLED WITH
   1.17.3
